PATH
  remote: .
  specs:
    gruff (0.3.8.rc1)

GEM
  remote: https://rubygems.org/
  specs:
    rake (10.1.0)
    rmagick (2.13.2)
    rmagick4j (0.3.7)

PLATFORMS
  java
  ruby

DEPENDENCIES
  gruff!
  rake
  rmagick
  rmagick4j
